GEM
  remote: https://rubygems.org/
  specs:
    activesupport (4.2.3)
      i18n (~> 0.7)
      json (~> 1.7, >= 1.7.7)
      minitest (~> 5.1)
      thread_safe (~> 0.3, >= 0.3.4)
      tzinfo (~> 1.1)
    addressable (2.3.8)
    cinch (2.2.6)
    firebase (0.2.4)
      httpclient
      json
    httparty (0.12.0)
      json (~> 1.8)
      multi_xml (>= 0.5.2)
    httpclient (2.6.0.1)
    i18n (0.7.0)
    json (1.8.1)
    kappa (1.0.2)
      addressable (~> 2.3.5)
      httparty (~> 0.12.0)
    minitest (5.8.0)
    multi_xml (0.5.5)
    thread_safe (0.3.5)
    tzinfo (1.2.2)
      thread_safe (~> 0.1)

PLATFORMS
  ruby

DEPENDENCIES
  activesupport
  cinch
  firebase
  kappa

BUNDLED WITH
   1.10.6
